PATH
  remote: .
  specs:
    google_calendar (0.4.0)
      addressable (>= 2.2.2)
      signet (>= 0.5.1)

GEM
  remote: http://rubygems.org/
  specs:
    addressable (2.3.6)
    faraday (0.9.0)
      multipart-post (>= 1.2, < 3)
    json (1.8.1)
    jwt (1.0.0)
    metaclass (0.0.4)
    minitest (5.4.3)
    mocha (1.1.0)
      metaclass (~> 0.0.1)
    multi_json (1.10.1)
    multipart-post (2.0.0)
    rake (10.3.2)
    rdoc (3.12)
      json (~> 1.4)
    shoulda-context (1.2.1)
    signet (0.5.1)
      addressable (>= 2.2.3)
      faraday (>= 0.9.0.rc5)
      jwt (>= 0.1.5)
      multi_json (>= 1.0.0)

PLATFORMS
  ruby

DEPENDENCIES
  bundler (>= 1.0.0)
  google_calendar!
  minitest (~> 5.1)
  mocha
  rake (> 10)
  rdoc (>= 3)
  shoulda-context
