PATH
  remote: .
  specs:
    google_calendar (0.4.0)
      addressable (>= 2.2.2)
      signet (>= 0.5.1)

GEM
  remote: http://rubygems.org/
  specs:
    addressable (2.3.6)
    ansi (1.4.3)
    builder (3.2.2)
    celluloid (0.16.0)
      timers (~> 4.0.0)
    coderay (1.1.0)
    faraday (0.9.0)
      multipart-post (>= 1.2, < 3)
    ffi (1.9.6)
    formatador (0.2.5)
    guard (2.8.2)
      formatador (>= 0.2.4)
      listen (~> 2.7)
      lumberjack (~> 1.0)
      pry (>= 0.9.12)
      thor (>= 0.18.1)
    guard-minitest (2.3.2)
      guard (~> 2.0)
      minitest (>= 3.0)
    hitimes (1.2.2)
    json (1.8.1)
    jwt (1.0.0)
    listen (2.8.0)
      celluloid (>= 0.15.2)
      rb-fsevent (>= 0.9.3)
      rb-inotify (>= 0.9)
    lumberjack (1.0.9)
    metaclass (0.0.4)
    method_source (0.8.2)
    minitest (5.4.3)
    minitest-reporters (1.0.7)
      ansi
      builder
      minitest (>= 5.0)
      ruby-progressbar
    mocha (1.1.0)
      metaclass (~> 0.0.1)
    multi_json (1.10.1)
    multipart-post (2.0.0)
    pry (0.10.1)
      coderay (~> 1.1.0)
      method_source (~> 0.8.1)
      slop (~> 3.4)
    rake (10.3.2)
    rb-fsevent (0.9.4)
    rb-inotify (0.9.5)
      ffi (>= 0.5.0)
    rdoc (4.1.2)
      json (~> 1.4)
    ruby-progressbar (1.7.0)
    shoulda-context (1.2.1)
    signet (0.5.1)
      addressable (>= 2.2.3)
      faraday (>= 0.9.0.rc5)
      jwt (>= 0.1.5)
      multi_json (>= 1.0.0)
    slop (3.6.0)
    terminal-notifier-guard (1.6.4)
    thor (0.19.1)
    timers (4.0.1)
      hitimes

PLATFORMS
  ruby

DEPENDENCIES
  bundler (>= 1.0.0)
  google_calendar!
  guard-minitest
  minitest (~> 5.1)
  minitest-reporters
  mocha
  rake (> 10)
  rb-fsevent
  rdoc (>= 3)
  shoulda-context
  terminal-notifier-guard
